PATH
  remote: ../../../mikegoldsmith/opentelemetry-ruby/exporter/otlp
  specs:
    opentelemetry-exporter-otlp (0.20.0)
      google-protobuf (~> 3.7)
      opentelemetry-api (~> 1.0.0.rc2)
      opentelemetry-common (~> 0.19.0)
      opentelemetry-sdk (~> 1.0.0.rc2)

GEM
  remote: https://rubygems.org/
  specs:
    daemons (1.4.0)
    eventmachine (1.2.7)
    google-protobuf (3.17.3-universal-darwin)
    mustermann (1.1.1)
      ruby2_keywords (~> 0.0.1)
    opentelemetry-api (1.0.0.rc2)
    opentelemetry-common (0.19.0)
      opentelemetry-api (~> 1.0.0.rc2)
    opentelemetry-instrumentation-base (0.18.1)
      opentelemetry-api (~> 1.0.0.rc2)
    opentelemetry-instrumentation-sinatra (0.19.0)
      opentelemetry-api (~> 1.0.0.rc2)
      opentelemetry-instrumentation-base (~> 0.18.1)
    opentelemetry-sdk (1.0.0.rc2)
      opentelemetry-api (~> 1.0.0.rc2)
      opentelemetry-common (~> 0.19.0)
      opentelemetry-instrumentation-base (~> 0.18.1)
    rack (2.2.3)
    rack-protection (2.1.0)
      rack
    ruby2_keywords (0.0.4)
    sinatra (2.1.0)
      mustermann (~> 1.0)
      rack (~> 2.2)
      rack-protection (= 2.1.0)
      tilt (~> 2.0)
    thin (1.8.1)
      daemons (~> 1.0, >= 1.0.9)
      eventmachine (~> 1.0, >= 1.0.4)
      rack (>= 1, < 3)
    tilt (2.0.10)

PLATFORMS
  x86_64-darwin-20

DEPENDENCIES
  opentelemetry-api
  opentelemetry-exporter-otlp!
  opentelemetry-instrumentation-sinatra
  opentelemetry-sdk
  sinatra
  thin

BUNDLED WITH
   2.2.15
