GEM
  remote: https://rubygems.org/
  specs:
    daemons (1.4.1)
    eventmachine (1.2.7)
    google-protobuf (3.19.2)
    mustermann (1.1.1)
      ruby2_keywords (~> 0.0.1)
    opentelemetry-api (1.0.0)
    opentelemetry-common (0.19.2)
      opentelemetry-api (~> 1.0)
    opentelemetry-exporter-otlp (0.20.6)
      google-protobuf (~> 3.7)
      opentelemetry-api (~> 1.0)
      opentelemetry-common (~> 0.19.2)
      opentelemetry-sdk (~> 1.0)
    opentelemetry-instrumentation-action_pack (0.1.2)
      opentelemetry-api (~> 1.0)
      opentelemetry-instrumentation-base (~> 0.18.3)
      opentelemetry-instrumentation-rack (~> 0.20.0)
    opentelemetry-instrumentation-action_view (0.1.3)
      opentelemetry-api (~> 1.0.0)
      opentelemetry-instrumentation-base (~> 0.18.0)
    opentelemetry-instrumentation-active_job (0.1.4)
      opentelemetry-api (~> 1.0)
      opentelemetry-instrumentation-base (~> 0.18.3)
    opentelemetry-instrumentation-active_model_serializers (0.18.3)
      opentelemetry-api (~> 1.0)
      opentelemetry-instrumentation-base (~> 0.18.3)
    opentelemetry-instrumentation-active_record (0.2.1)
      opentelemetry-api (~> 1.0)
      opentelemetry-instrumentation-base (~> 0.18.3)
    opentelemetry-instrumentation-all (0.21.3)
      opentelemetry-instrumentation-action_pack (~> 0.1.1)
      opentelemetry-instrumentation-action_view (~> 0.1.2)
      opentelemetry-instrumentation-active_job (~> 0.1.4)
      opentelemetry-instrumentation-active_model_serializers (~> 0.18.3)
      opentelemetry-instrumentation-active_record (~> 0.2.1)
      opentelemetry-instrumentation-bunny (~> 0.18.3)
      opentelemetry-instrumentation-concurrent_ruby (~> 0.19.1)
      opentelemetry-instrumentation-dalli (~> 0.19.1)
      opentelemetry-instrumentation-delayed_job (~> 0.18.3)
      opentelemetry-instrumentation-ethon (~> 0.19.2)
      opentelemetry-instrumentation-excon (~> 0.19.2)
      opentelemetry-instrumentation-faraday (~> 0.19.2)
      opentelemetry-instrumentation-graphql (~> 0.19.1)
      opentelemetry-instrumentation-http (~> 0.19.2)
      opentelemetry-instrumentation-http_client (~> 0.19.2)
      opentelemetry-instrumentation-koala (~> 0.18.3)
      opentelemetry-instrumentation-lmdb (~> 0.19.1)
      opentelemetry-instrumentation-mongo (~> 0.18.3)
      opentelemetry-instrumentation-mysql2 (~> 0.19.1)
      opentelemetry-instrumentation-net_http (~> 0.19.2)
      opentelemetry-instrumentation-pg (~> 0.19.1)
      opentelemetry-instrumentation-que (~> 0.1.1)
      opentelemetry-instrumentation-rack (~> 0.20.0)
      opentelemetry-instrumentation-rails (~> 0.19.3)
      opentelemetry-instrumentation-redis (~> 0.21.1)
      opentelemetry-instrumentation-resque (~> 0.1.2)
      opentelemetry-instrumentation-restclient (~> 0.19.2)
      opentelemetry-instrumentation-ruby_kafka (~> 0.18.4)
      opentelemetry-instrumentation-sidekiq (~> 0.20.1)
      opentelemetry-instrumentation-sinatra (~> 0.19.2)
    opentelemetry-instrumentation-base (0.18.3)
      opentelemetry-api (~> 1.0)
    opentelemetry-instrumentation-bunny (0.18.3)
      opentelemetry-api (~> 1.0)
      opentelemetry-instrumentation-base (~> 0.18.3)
    opentelemetry-instrumentation-concurrent_ruby (0.19.1)
      opentelemetry-api (~> 1.0)
      opentelemetry-instrumentation-base (~> 0.18.3)
    opentelemetry-instrumentation-dalli (0.19.1)
      opentelemetry-api (~> 1.0)
      opentelemetry-common (~> 0.19.2)
      opentelemetry-instrumentation-base (~> 0.18.3)
    opentelemetry-instrumentation-delayed_job (0.18.3)
      opentelemetry-api (~> 1.0)
      opentelemetry-instrumentation-base (~> 0.18.3)
    opentelemetry-instrumentation-ethon (0.19.2)
      opentelemetry-api (~> 1.0)
      opentelemetry-common (~> 0.19.2)
      opentelemetry-instrumentation-base (~> 0.18.3)
    opentelemetry-instrumentation-excon (0.19.2)
      opentelemetry-api (~> 1.0)
      opentelemetry-common (~> 0.19.2)
      opentelemetry-instrumentation-base (~> 0.18.3)
    opentelemetry-instrumentation-faraday (0.19.2)
      opentelemetry-api (~> 1.0)
      opentelemetry-common (~> 0.19.2)
      opentelemetry-instrumentation-base (~> 0.18.3)
    opentelemetry-instrumentation-graphql (0.19.1)
      opentelemetry-api (~> 1.0)
      opentelemetry-instrumentation-base (~> 0.18.3)
    opentelemetry-instrumentation-http (0.19.2)
      opentelemetry-api (~> 1.0)
      opentelemetry-instrumentation-base (~> 0.18.3)
    opentelemetry-instrumentation-http_client (0.19.2)
      opentelemetry-api (~> 1.0)
      opentelemetry-common (~> 0.19.2)
      opentelemetry-instrumentation-base (~> 0.18.3)
    opentelemetry-instrumentation-koala (0.18.3)
      opentelemetry-api (~> 1.0)
      opentelemetry-common (~> 0.19.2)
      opentelemetry-instrumentation-base (~> 0.18.3)
    opentelemetry-instrumentation-lmdb (0.19.1)
      opentelemetry-api (~> 1.0)
      opentelemetry-instrumentation-base (~> 0.18.3)
    opentelemetry-instrumentation-mongo (0.18.3)
      opentelemetry-api (~> 1.0)
      opentelemetry-instrumentation-base (~> 0.18.3)
    opentelemetry-instrumentation-mysql2 (0.19.1)
      opentelemetry-api (~> 1.0)
      opentelemetry-instrumentation-base (~> 0.18.3)
    opentelemetry-instrumentation-net_http (0.19.2)
      opentelemetry-api (~> 1.0)
      opentelemetry-common (~> 0.19.2)
      opentelemetry-instrumentation-base (~> 0.18.3)
    opentelemetry-instrumentation-pg (0.19.1)
      opentelemetry-api (~> 1.0)
      opentelemetry-instrumentation-base (~> 0.18.3)
    opentelemetry-instrumentation-que (0.1.1)
      opentelemetry-api (~> 1.0)
      opentelemetry-instrumentation-base (~> 0.18.3)
    opentelemetry-instrumentation-rack (0.20.0)
      opentelemetry-api (~> 1.0)
      opentelemetry-instrumentation-base (~> 0.18.3)
    opentelemetry-instrumentation-rails (0.19.4)
      opentelemetry-api (~> 1.0)
      opentelemetry-instrumentation-action_pack (~> 0.1.2)
      opentelemetry-instrumentation-action_view (~> 0.1.3)
      opentelemetry-instrumentation-active_record (~> 0.2.0)
      opentelemetry-instrumentation-base (~> 0.18.3)
    opentelemetry-instrumentation-redis (0.21.1)
      opentelemetry-api (~> 1.0)
      opentelemetry-common (~> 0.19.2)
      opentelemetry-instrumentation-base (~> 0.18.3)
    opentelemetry-instrumentation-resque (0.1.2)
      opentelemetry-api (~> 1.0)
      opentelemetry-instrumentation-base (~> 0.18.3)
    opentelemetry-instrumentation-restclient (0.19.2)
      opentelemetry-api (~> 1.0)
      opentelemetry-common (~> 0.19.2)
      opentelemetry-instrumentation-base (~> 0.18.3)
    opentelemetry-instrumentation-ruby_kafka (0.18.4)
      opentelemetry-api (~> 1.0)
      opentelemetry-instrumentation-base (~> 0.18.3)
    opentelemetry-instrumentation-sidekiq (0.20.1)
      opentelemetry-api (~> 1.0)
      opentelemetry-common (~> 0.19.2)
      opentelemetry-instrumentation-base (~> 0.18.3)
    opentelemetry-instrumentation-sinatra (0.19.2)
      opentelemetry-api (~> 1.0)
      opentelemetry-instrumentation-base (~> 0.18.3)
    opentelemetry-sdk (1.0.1)
      opentelemetry-api (~> 1.0)
      opentelemetry-common (~> 0.19.2)
      opentelemetry-instrumentation-base (~> 0.18.3)
      opentelemetry-semantic_conventions
    opentelemetry-semantic_conventions (1.6.1)
      opentelemetry-api (~> 1.0)
    rack (2.2.3)
    rack-protection (2.1.0)
      rack
    ruby2_keywords (0.0.5)
    sinatra (2.1.0)
      mustermann (~> 1.0)
      rack (~> 2.2)
      rack-protection (= 2.1.0)
      tilt (~> 2.0)
    thin (1.8.1)
      daemons (~> 1.0, >= 1.0.9)
      eventmachine (~> 1.0, >= 1.0.4)
      rack (>= 1, < 3)
    tilt (2.0.10)

PLATFORMS
  ruby

DEPENDENCIES
  opentelemetry-api
  opentelemetry-exporter-otlp
  opentelemetry-instrumentation-all
  opentelemetry-instrumentation-sinatra
  opentelemetry-sdk
  sinatra
  thin

BUNDLED WITH
   2.2.3
