GEM
  remote: https://rubygems.org/
  specs:
    daemons (1.3.1)
    eventmachine (1.2.7)
    google-protobuf (3.15.3)
    mustermann (1.1.1)
      ruby2_keywords (~> 0.0.1)
    opentelemetry-api (0.15.0)
    opentelemetry-common (0.15.0)
      opentelemetry-api (~> 0.15.0)
    opentelemetry-exporter-otlp (0.15.0)
      google-protobuf (~> 3.7)
      opentelemetry-api (~> 0.15.0)
      opentelemetry-common (~> 0.15.0)
    opentelemetry-instrumentation-sinatra (0.15.0)
      opentelemetry-api (~> 0.15.0)
    opentelemetry-sdk (0.15.0)
      opentelemetry-api (~> 0.15.0)
      opentelemetry-common (~> 0.15.0)
    rack (2.2.3)
    rack-protection (2.1.0)
      rack
    ruby2_keywords (0.0.4)
    sinatra (2.1.0)
      mustermann (~> 1.0)
      rack (~> 2.2)
      rack-protection (= 2.1.0)
      tilt (~> 2.0)
    thin (1.8.0)
      daemons (~> 1.0, >= 1.0.9)
      eventmachine (~> 1.0, >= 1.0.4)
      rack (>= 1, < 3)
    tilt (2.0.10)

PLATFORMS
  ruby

DEPENDENCIES
  opentelemetry-api
  opentelemetry-exporter-otlp
  opentelemetry-instrumentation-sinatra
  opentelemetry-sdk
  sinatra
  thin

BUNDLED WITH
   2.2.3
